PATH
  remote: .
  specs:
    interferon (0.0.1)
      aws-sdk (~> 1.35.0)
      dogapi (~> 1.9.1)
      dogstatsd-ruby (~> 1.4.1)

GEM
  remote: https://rubygems.org/
  specs:
    aws-sdk (1.35.0)
      json (~> 1.4)
      nokogiri (>= 1.4.4)
      uuidtools (~> 2.1)
    coderay (1.0.9)
    diff-lcs (1.2.5)
    dogapi (1.9.2)
      json (>= 1.5.1)
    dogstatsd-ruby (1.4.1)
    json (1.8.2)
    method_source (0.8.2)
    mini_portile (0.6.2)
    nokogiri (1.6.5)
      mini_portile (~> 0.6.0)
    pry (0.9.12.6)
      coderay (~> 1.0)
      method_source (~> 0.8)
      slop (~> 3.4)
    rspec (3.2.0)
      rspec-core (~> 3.2.0)
      rspec-expectations (~> 3.2.0)
      rspec-mocks (~> 3.2.0)
    rspec-core (3.2.1)
      rspec-support (~> 3.2.0)
    rspec-expectations (3.2.0)
      diff-lcs (>= 1.2.0, < 2.0)
      rspec-support (~> 3.2.0)
    rspec-mocks (3.2.1)
      diff-lcs (>= 1.2.0, < 2.0)
      rspec-support (~> 3.2.0)
    rspec-support (3.2.2)
    slop (3.4.6)
    uuidtools (2.1.5)

PLATFORMS
  ruby

DEPENDENCIES
  interferon!
  pry
  rspec (~> 3.2.0)
